GEM
  remote: http://rubygems.org/
  specs:
    haml (3.1.5)
    kgio (2.7.4)
    pg (0.12.2)
    rack (1.4.1)
    raindrops (0.8.0)
    sequel (3.20.0)
    sinatra (1.1.0)
      rack (~> 1.1)
      tilt (~> 1.1)
    sinatra-minify (0.2.3)
    sinatra-partial (0.3.0)
      sinatra
    tilt (1.3.3)
    unicorn (4.3.0)
      kgio (~> 2.6)
      rack
      raindrops (~> 0.7)

PLATFORMS
  ruby

DEPENDENCIES
  haml
  pg
  sequel
  sinatra (= 1.1.0)
  sinatra-minify
  sinatra-partial
  unicorn
