GEM
  remote: http://rubygems.org/
  specs:
    daemons (1.1.7)
    eventmachine (0.12.10)
    haml (3.1.5)
    rack (1.4.1)
    redis (2.2.2)
    sinatra (1.1.0)
      rack (~> 1.1)
      tilt (~> 1.1)
    thin (1.3.1)
      daemons (>= 1.0.9)
      eventmachine (>= 0.12.6)
      rack (>= 1.0.0)
    tilt (1.3.3)

PLATFORMS
  ruby

DEPENDENCIES
  haml
  redis
  sinatra (= 1.1.0)
  thin
