GIT
  remote: git://github.com/sinatra/sinatra.git
  revision: 5a8080a077c298efc9917f7126503e99b9adb60b
  specs:
    sinatra (1.4.0)
      rack (~> 1.3, >= 1.3.6)
      rack-protection (~> 1.2)
      tilt (~> 1.3, >= 1.3.3)

GEM
  remote: http://rubygems.org/
  specs:
    activemodel (3.2.3)
      activesupport (= 3.2.3)
      builder (~> 3.0.0)
    activerecord (3.2.3)
      activemodel (= 3.2.3)
      activesupport (= 3.2.3)
      arel (~> 3.0.2)
      tzinfo (~> 0.3.29)
    activesupport (3.2.3)
      i18n (~> 0.6)
      multi_json (~> 1.0)
    arel (3.0.2)
    builder (3.0.0)
    daemons (1.1.7)
    eventmachine (0.12.10)
    haml (3.1.5)
    i18n (0.6.0)
    multi_json (1.3.5)
    rack (1.4.1)
    rack-protection (1.2.0)
      rack
    thin (1.3.1)
      daemons (>= 1.0.9)
      eventmachine (>= 0.12.6)
      rack (>= 1.0.0)
    tilt (1.3.3)
    tzinfo (0.3.33)

PLATFORMS
  ruby

DEPENDENCIES
  activerecord (~> 3.0)
  haml
  sinatra!
  thin
